PATH
  remote: opal-jquery
  specs:
    opal-jquery (0.4.2)
      opal (>= 0.10.0, < 0.12.0)

GEM
  remote: https://rubygems.org/
  specs:
    ast (2.4.0)
    concurrent-ruby (1.0.5)
    hike (1.2.3)
    opal (0.11.0)
      ast (>= 2.3.0)
      hike (~> 1.2)
      parser (= 2.3.3.1)
      sourcemap (~> 0.1.0)
    opal-sprockets (0.4.1.0.11.0.3.1)
      opal (~> 0.11.0)
      sprockets (~> 3.1)
      tilt (>= 1.4)
    parser (2.3.3.1)
      ast (~> 2.2)
    rack (2.0.4)
    sourcemap (0.1.1)
    sprockets (3.7.1)
      concurrent-ruby (~> 1.0)
      rack (> 1, < 3)
    tilt (2.0.8)

PLATFORMS
  ruby

DEPENDENCIES
  opal (= 0.11.0)
  opal-jquery (= 0.4.2)!
  opal-sprockets (= 0.4.1.0.11.0.3.1)
  rack

BUNDLED WITH
   1.16.0
